GEM
  remote: http://rubygems.org/
  specs:
    SystemTimer (1.2.3)
    addressable (2.2.7)
    anemone (0.7.1)
      nokogiri (>= 1.3.0)
      robotex (>= 1.0.0)
    builder (3.0.0)
    crack (0.3.1)
    domain_name (0.5.3)
      unf (~> 0.0.3)
    fastercsv (1.5.4)
    highline (1.6.11)
    mechanize (2.3)
      domain_name (~> 0.5, >= 0.5.1)
      mime-types (~> 1.17, >= 1.17.2)
      net-http-digest_auth (~> 1.1, >= 1.1.1)
      net-http-persistent (~> 2.5, >= 2.5.2)
      nokogiri (~> 1.4)
      ntlm-http (~> 0.1, >= 0.1.1)
      webrobots (~> 0.0, >= 0.0.9)
    mime-types (1.17.2)
    minitest (2.11.4)
    minitest-colorize (0.0.4)
      minitest (~> 2.0)
    mock_redis (0.4.1)
    net-http-digest_auth (1.2)
    net-http-persistent (2.6)
    nokogiri (1.5.2)
    ntlm-http (0.1.1)
    redis (2.2.2)
    robotex (1.0.0)
    rsolr (1.0.8)
      builder (>= 2.1.2)
    trollop (1.16.2)
    unf (0.0.5)
      unf_ext
    unf_ext (0.0.4)
    webmock (1.8.4)
      addressable (>= 2.2.7)
      addressable (>= 2.2.7)
      crack (>= 0.1.7)
      crack (>= 0.1.7)
    webrobots (0.0.13)

PLATFORMS
  ruby

DEPENDENCIES
  SystemTimer
  anemone
  fastercsv
  highline
  mechanize
  minitest
  minitest-colorize
  mock_redis
  redis
  rsolr
  trollop
  webmock
