GEM
  remote: http://rubygems.org/
  specs:
    RedCloth (4.2.8)
    SystemTimer (1.2.3)
    addressable (2.2.7)
    anemone (0.7.1)
      nokogiri (>= 1.3.0)
      robotex (>= 1.0.0)
    bcrypt-ruby (3.0.1)
    crack (0.3.1)
    daemons (1.1.8)
    eventmachine (0.12.10)
    haml (3.1.4)
    kgio (2.7.4)
    minitest (2.11.4)
    minitest-colorize (0.0.4)
      minitest (~> 2.0)
    mock_redis (0.4.1)
    nokogiri (1.5.2)
    rack (1.4.1)
    rack-protection (1.2.0)
      rack
    raindrops (0.8.0)
    redis (2.2.2)
    robotex (1.0.0)
    sinatra (1.3.2)
      rack (~> 1.3, >= 1.3.6)
      rack-protection (~> 1.2)
      tilt (~> 1.3, >= 1.3.3)
    sinatra-flash (0.3.0)
      sinatra (>= 1.0.0)
    thin (1.3.1)
      daemons (>= 1.0.9)
      eventmachine (>= 0.12.6)
      rack (>= 1.0.0)
    tilt (1.3.3)
    trollop (1.16.2)
    unicorn (4.2.0)
      kgio (~> 2.6)
      rack
      raindrops (~> 0.7)
    warden (1.1.1)
      rack (>= 1.0)
    webmock (1.8.4)
      addressable (>= 2.2.7)
      addressable (>= 2.2.7)
      crack (>= 0.1.7)
      crack (>= 0.1.7)

PLATFORMS
  ruby

DEPENDENCIES
  RedCloth
  SystemTimer
  anemone
  bcrypt-ruby
  haml
  minitest
  minitest-colorize
  mock_redis
  redis
  sinatra
  sinatra-flash
  thin
  trollop
  unicorn
  warden
  webmock
